GEM
  remote: https://rubygems.org/
  specs:
    benchmark-ips (2.12.0)
    ffi (1.16.3)
    ffi-geos (2.4.0)
      ffi (>= 1.0.0)
    rgeo (3.0.1)
    rgeo-geojson (2.1.1)
      rgeo (>= 1.0.0)

PLATFORMS
  arm64-darwin-22

DEPENDENCIES
  benchmark-ips
  ffi-geos
  rgeo
  rgeo-geojson

RUBY VERSION
   ruby 3.2.2p53

BUNDLED WITH
   2.4.10
